GEM
  remote: https://rubygems.org/
  specs:
    sambal (0.2.4)

PLATFORMS
  x86_64-darwin-21

DEPENDENCIES
  sambal

RUBY VERSION
   ruby 3.0.0p0

BUNDLED WITH
   2.2.3
